GIT
  remote: https://github.com/eventmachine/eventmachine.git
  revision: 9cb13a8a62363df5ebcc414169a3deb2c1608528
  tag: v1.2.7
  specs:
    eventmachine (1.2.7)

PATH
  remote: ..
  specs:
    portfolyou-jekyll-theme (2.3.0)
      jekyll (~> 3.9)
      jekyll-default-layout (~> 0.1.4)
      jekyll-gist (~> 1.5)
      jekyll-github-metadata (~> 2.13)
      jekyll-include-cache (~> 0.2.1)
      jemoji (~> 0.12)
      kramdown (~> 2.3.1)
      kramdown-parser-gfm (~> 1.1.0)

GEM
  remote: https://rubygems.org/
  specs:
    activesupport (8.0.2)
      base64
      benchmark (>= 0.3)
      bigdecimal
      concurrent-ruby (~> 1.0, >= 1.3.1)
      connection_pool (>= 2.2.5)
      drb
      i18n (>= 1.6, < 2)
      logger (>= 1.4.2)
      minitest (>= 5.1)
      securerandom (>= 0.3)
      tzinfo (~> 2.0, >= 2.0.5)
      uri (>= 0.13.1)
    addressable (2.8.7)
      public_suffix (>= 2.0.2, < 7.0)
    base64 (0.2.0)
    benchmark (0.4.0)
    bigdecimal (3.1.9)
    colorator (1.1.0)
    concurrent-ruby (1.3.5)
    connection_pool (2.5.3)
    csv (3.3.4)
    drb (2.2.1)
    em-websocket (0.5.3)
      eventmachine (>= 0.12.9)
      http_parser.rb (~> 0)
    faraday (2.13.1)
      faraday-net_http (>= 2.0, < 3.5)
      json
      logger
    faraday-net_http (3.4.0)
      net-http (>= 0.5.0)
    ffi (1.17.2-aarch64-linux-gnu)
    ffi (1.17.2-aarch64-linux-musl)
    ffi (1.17.2-arm-linux-gnu)
    ffi (1.17.2-arm-linux-musl)
    ffi (1.17.2-arm64-darwin)
    ffi (1.17.2-x86_64-darwin)
    ffi (1.17.2-x86_64-linux-gnu)
    ffi (1.17.2-x86_64-linux-musl)
    forwardable-extended (2.6.0)
    gemoji (4.1.0)
    html-pipeline (2.14.3)
      activesupport (>= 2)
      nokogiri (>= 1.4)
    http_parser.rb (0.8.0)
    i18n (1.14.7)
      concurrent-ruby (~> 1.0)
    jekyll (3.10.0)
      addressable (~> 2.4)
      colorator (~> 1.0)
      csv (~> 3.0)
      em-websocket (~> 0.5)
      i18n (>= 0.7, < 2)
      jekyll-sass-converter (~> 1.0)
      jekyll-watch (~> 2.0)
      kramdown (>= 1.17, < 3)
      liquid (~> 4.0)
      mercenary (~> 0.3.3)
      pathutil (~> 0.9)
      rouge (>= 1.7, < 4)
      safe_yaml (~> 1.0)
      webrick (>= 1.0)
    jekyll-default-layout (0.1.5)
      jekyll (>= 3.0, < 5.0)
    jekyll-gist (1.5.0)
      octokit (~> 4.2)
    jekyll-github-metadata (2.16.1)
      jekyll (>= 3.4, < 5.0)
      octokit (>= 4, < 7, != 4.4.0)
    jekyll-include-cache (0.2.1)
      jekyll (>= 3.7, < 5.0)
    jekyll-sass-converter (1.5.2)
      sass (~> 3.4)
    jekyll-seo-tag (2.8.0)
      jekyll (>= 3.8, < 5.0)
    jekyll-sitemap (1.4.0)
      jekyll (>= 3.7, < 5.0)
    jekyll-watch (2.2.1)
      listen (~> 3.0)
    jemoji (0.13.0)
      gemoji (>= 3, < 5)
      html-pipeline (~> 2.2)
      jekyll (>= 3.0, < 5.0)
    json (2.11.3)
    kramdown (2.3.2)
      rexml
    kramdown-parser-gfm (1.1.0)
      kramdown (~> 2.0)
    liquid (4.0.4)
    listen (3.9.0)
      rb-fsevent (~> 0.10, >= 0.10.3)
      rb-inotify (~> 0.9, >= 0.9.10)
    logger (1.7.0)
    mercenary (0.3.6)
    minitest (5.25.5)
    net-http (0.6.0)
      uri
    nokogiri (1.18.8-aarch64-linux-gnu)
      racc (~> 1.4)
    nokogiri (1.18.8-aarch64-linux-musl)
      racc (~> 1.4)
    nokogiri (1.18.8-arm-linux-gnu)
      racc (~> 1.4)
    nokogiri (1.18.8-arm-linux-musl)
      racc (~> 1.4)
    nokogiri (1.18.8-arm64-darwin)
      racc (~> 1.4)
    nokogiri (1.18.8-x86_64-darwin)
      racc (~> 1.4)
    nokogiri (1.18.8-x86_64-linux-gnu)
      racc (~> 1.4)
    nokogiri (1.18.8-x86_64-linux-musl)
      racc (~> 1.4)
    octokit (4.25.1)
      faraday (>= 1, < 3)
      sawyer (~> 0.9)
    pathutil (0.16.2)
      forwardable-extended (~> 2.6)
    public_suffix (6.0.2)
    racc (1.8.1)
    rb-fsevent (0.11.2)
    rb-inotify (0.11.1)
      ffi (~> 1.0)
    rexml (3.4.1)
    rouge (3.30.0)
    safe_yaml (1.0.5)
    sass (3.7.4)
      sass-listen (~> 4.0.0)
    sass-listen (4.0.0)
      rb-fsevent (~> 0.9, >= 0.9.4)
      rb-inotify (~> 0.9, >= 0.9.7)
    sawyer (0.9.2)
      addressable (>= 2.3.5)
      faraday (>= 0.17.3, < 3)
    securerandom (0.4.1)
    tzinfo (2.0.6)
      concurrent-ruby (~> 1.0)
    uri (1.0.3)
    webrick (1.9.1)

PLATFORMS
  aarch64-linux-gnu
  aarch64-linux-musl
  arm-linux-gnu
  arm-linux-musl
  arm64-darwin
  x86_64-darwin
  x86_64-linux-gnu
  x86_64-linux-musl

DEPENDENCIES
  eventmachine (= 1.2.7)!
  jekyll-seo-tag
  jekyll-sitemap
  portfolyou-jekyll-theme!

BUNDLED WITH
   2.6.8
